GEM
  remote: https://rubygems.org/
  specs:
    activemodel (6.1.7.10)
      activesupport (= 6.1.7.10)
    activerecord (6.1.7.10)
      activemodel (= 6.1.7.10)
      activesupport (= 6.1.7.10)
    activesupport (6.1.7.10)
      concurrent-ruby (~> 1.0, >= 1.0.2)
      i18n (>= 1.6, < 2)
      minitest (>= 5.1)
      tzinfo (~> 2.0)
      zeitwerk (~> 2.3)
    base64 (0.2.0)
    bcrypt (3.1.20)
    coderay (1.1.3)
    concurrent-ruby (1.3.4)
    connection_pool (2.4.1)
    dotenv (3.1.4)
    dry-core (1.0.1)
      concurrent-ruby (~> 1.0)
      zeitwerk (~> 2.6)
    dry-events (1.0.1)
      concurrent-ruby (~> 1.0)
      dry-core (~> 1.0, < 2)
    dry-matcher (1.0.0)
      dry-core (~> 1.0, < 2)
    dry-monads (1.6.0)
      concurrent-ruby (~> 1.0)
      dry-core (~> 1.0, < 2)
      zeitwerk (~> 2.6)
    dry-transaction (0.16.0)
      dry-core (~> 1.0)
      dry-events (~> 1.0)
      dry-matcher (~> 1.0)
      dry-monads (~> 1.6)
    dwolla_v2 (3.2.0)
      faraday (>= 0.15)
      faraday_middleware (>= 0.13)
      hashie (>= 3.6)
    email_address (0.2.4)
      simpleidn
    enumerize (2.8.1)
      activesupport (>= 3.2)
    et-orbi (1.2.11)
      tzinfo
    faraday (1.2.0)
      multipart-post (>= 1.2, < 3)
      ruby2_keywords
    faraday-multipart (1.0.4)
      multipart-post (~> 2)
    faraday_middleware (1.2.1)
      faraday (~> 1.0)
    ffi (1.17.0-arm64-darwin)
    formatador (1.1.0)
    fugit (1.11.1)
      et-orbi (~> 1, >= 1.2.11)
      raabro (~> 1.4)
    globalid (1.2.1)
      activesupport (>= 6.1)
    guard (2.18.1)
      formatador (>= 0.2.4)
      listen (>= 2.7, < 4.0)
      lumberjack (>= 1.0.12, < 2.0)
      nenv (~> 0.1)
      notiffany (~> 0.0)
      pry (>= 0.13.0)
      shellany (~> 0.0)
      thor (>= 0.18.1)
    guard-compat (1.2.1)
    guard-puma (0.8.1)
      guard (~> 2.14)
      guard-compat (~> 1.2)
      puma (>= 4.0, < 7)
    hashie (5.0.0)
    i18n (1.14.6)
      concurrent-ruby (~> 1.0)
    jwt (2.9.3)
      base64
    listen (3.9.0)
      rb-fsevent (~> 0.10, >= 0.10.3)
      rb-inotify (~> 0.9, >= 0.9.10)
    logger (1.6.1)
    lumberjack (1.2.10)
    method_source (1.1.0)
    minitest (5.25.1)
    multipart-post (2.4.1)
    mustermann (3.0.3)
      ruby2_keywords (~> 0.0.1)
    nenv (0.3.0)
    nio4r (2.7.4)
    notiffany (0.1.3)
      nenv (~> 0.1)
      shellany (~> 0.0)
    pg (1.5.9)
    plaid (33.0.0)
      faraday (>= 1.0.1, < 3.0)
      faraday-multipart (>= 1.0.1, < 2.0)
    pry (0.14.2)
      coderay (~> 1.1)
      method_source (~> 1.0)
    puma (6.4.3)
      nio4r (~> 2.0)
    raabro (1.4.0)
    rack (3.1.8)
    rack-protection (4.0.0)
      base64 (>= 0.1.0)
      rack (>= 3.0.0, < 4)
    rack-session (2.0.0)
      rack (>= 3.0.0)
    rb-fsevent (0.11.2)
    rb-inotify (0.11.1)
      ffi (~> 1.0)
    redis-client (0.22.2)
      connection_pool
    ruby2_keywords (0.0.5)
    shellany (0.0.1)
    sidekiq (7.3.4)
      connection_pool (>= 2.3.0)
      logger
      rack (>= 2.2.4)
      redis-client (>= 0.22.2)
    sidekiq-cron (1.12.0)
      fugit (~> 1.8)
      globalid (>= 1.0.1)
      sidekiq (>= 6)
    simpleidn (0.2.3)
    sinatra (4.0.0)
      mustermann (~> 3.0)
      rack (>= 3.0.0, < 4)
      rack-protection (= 4.0.0)
      rack-session (>= 2.0.0, < 3)
      tilt (~> 2.0)
    thor (1.3.2)
    tilt (2.4.0)
    tzinfo (2.0.6)
      concurrent-ruby (~> 1.0)
    zeitwerk (2.7.1)

PLATFORMS
  arm64-darwin-23

DEPENDENCIES
  activerecord
  bcrypt (~> 3.1, >= 3.1.11)
  dotenv
  dry-transaction
  dwolla_v2 (~> 3.1)
  email_address
  enumerize
  guard
  guard-puma
  jwt
  pg
  plaid
  puma (~> 6.0)
  sidekiq (~> 7.3)
  sidekiq-cron
  sinatra

RUBY VERSION
   ruby 3.2.2p53

BUNDLED WITH
   2.4.20
